GEM
  remote: https://rubygems.org/
  specs:
    minitest (5.10.3)
    rake (10.4.2)

PLATFORMS
  ruby

DEPENDENCIES
  minitest
  rake
